GEM
  remote: http://rubygems.org/
  specs:
    crack (0.1.8)
    httparty (0.7.7)
      crack (= 0.1.8)
    rake (0.8.7)

PLATFORMS
  ruby

DEPENDENCIES
  bundler
  httparty
  rake
