GEM
  remote: http://rubygems.org/
  specs:
    crack (0.1.8)
    gemcutter (0.7.0)
    git (1.2.5)
    httparty (0.7.7)
      crack (= 0.1.8)
    jeweler (1.6.0)
      bundler (~> 1.0.0)
      git (>= 1.2.5)
      rake
    rake (0.8.7)

PLATFORMS
  ruby

DEPENDENCIES
  bundler
  gemcutter
  httparty
  jeweler
  rake
